PATH
  remote: .
  specs:
    blargh (0.0.1)
      activemodel (~> 3.0.1)
      activesupport (~> 3.0.1)
      stringex (~> 1.2.0)

GEM
  remote: http://rubygems.org/
  specs:
    activemodel (3.0.1)
      activesupport (= 3.0.1)
      builder (~> 2.1.2)
      i18n (~> 0.4.1)
    activesupport (3.0.1)
    aruba (0.2.3)
      background_process
      cucumber (~> 0.9.0)
    background_process (1.2)
    builder (2.1.2)
    cucumber (0.9.3)
      builder (~> 2.1.2)
      diff-lcs (~> 1.1.2)
      gherkin (~> 2.2.9)
      json (~> 1.4.6)
      term-ansicolor (~> 1.0.5)
    diff-lcs (1.1.2)
    fuubar (0.0.1)
      progressbar (~> 0.9)
      rspec (~> 2.0)
      rspec-instafail (~> 0.1)
    gherkin (2.2.9)
      json (~> 1.4.6)
      term-ansicolor (~> 1.0.5)
    i18n (0.4.1)
    json (1.4.6)
    progressbar (0.9.0)
    rspec (2.1.0)
      rspec-core (~> 2.1.0)
      rspec-expectations (~> 2.1.0)
      rspec-mocks (~> 2.1.0)
    rspec-core (2.1.0)
    rspec-expectations (2.1.0)
      diff-lcs (~> 1.1.2)
    rspec-instafail (0.1.3)
    rspec-mocks (2.1.0)
    shoulda (2.11.3)
    sparky (0.0.1)
    stringex (1.2.0)
    term-ansicolor (1.0.5)

PLATFORMS
  ruby

DEPENDENCIES
  activemodel (~> 3.0.1)
  activesupport (~> 3.0.1)
  aruba (~> 0.2.3)
  blargh!
  cucumber (~> 0.9.3)
  fuubar (~> 0.0.1)
  rspec (~> 2.1.0)
  shoulda (~> 2.11.3)
  sparky (~> 0.0.1)
  stringex (~> 1.2.0)
