PATH
  remote: .
  specs:
    blargh (0.0.1)
      RedCloth (~> 4.2.3)
      activemodel (~> 3.0.1)
      activesupport (~> 3.0.1)
      mustache (~> 0.11.2)
      rack (~> 1.2.1)
      sinatra (~> 1.1.0)
      sinatra-mustache (~> 0.0.2)
      stringex (~> 1.2.0)
      thor (~> 0.14.4)

GEM
  remote: http://rubygems.org/
  specs:
    RedCloth (4.2.3)
    activemodel (3.0.1)
      activesupport (= 3.0.1)
      builder (~> 2.1.2)
      i18n (~> 0.4.1)
    activesupport (3.0.1)
    aruba (0.2.3)
      background_process
      cucumber (~> 0.9.0)
    background_process (1.2)
    builder (2.1.2)
    capybara (0.4.0)
      celerity (>= 0.7.9)
      culerity (>= 0.2.4)
      mime-types (>= 1.16)
      nokogiri (>= 1.3.3)
      rack (>= 1.0.0)
      rack-test (>= 0.5.4)
      selenium-webdriver (>= 0.0.27)
      xpath (~> 0.1.2)
    celerity (0.8.4)
    childprocess (0.1.4)
      ffi (~> 0.6.3)
    cucumber (0.9.3)
      builder (~> 2.1.2)
      diff-lcs (~> 1.1.2)
      gherkin (~> 2.2.9)
      json (~> 1.4.6)
      term-ansicolor (~> 1.0.5)
    culerity (0.2.12)
    diff-lcs (1.1.2)
    ffi (0.6.3)
      rake (>= 0.8.7)
    fuubar (0.0.1)
      progressbar (~> 0.9)
      rspec (~> 2.0)
      rspec-instafail (~> 0.1)
    gherkin (2.2.9)
      json (~> 1.4.6)
      term-ansicolor (~> 1.0.5)
    i18n (0.4.1)
    json (1.4.6)
    json_pure (1.4.6)
    kgio (2.0.0)
    mime-types (1.16)
    mustache (0.11.2)
    nokogiri (1.4.4)
    progressbar (0.9.0)
    rack (1.2.1)
    rack-test (0.5.6)
      rack (>= 1.0)
    rake (0.8.7)
    rspec (2.4.0)
      rspec-core (~> 2.4.0)
      rspec-expectations (~> 2.4.0)
      rspec-mocks (~> 2.4.0)
    rspec-core (2.4.0)
    rspec-expectations (2.4.0)
      diff-lcs (~> 1.1.2)
    rspec-instafail (0.1.3)
    rspec-mocks (2.4.0)
    rubyzip (0.9.4)
    selenium-webdriver (0.1.0)
      childprocess (= 0.1.4)
      ffi (~> 0.6.3)
      json_pure
      rubyzip
    shoulda (2.11.3)
    sinatra (1.1.0)
      rack (~> 1.1)
      tilt (~> 1.1)
    sinatra-mustache (0.0.2)
      mustache (~> 0.11.2)
      sinatra (~> 1.1.0)
      tilt (= 1.1)
    sparky (0.0.1)
    stringex (1.2.0)
    term-ansicolor (1.0.5)
    thor (0.14.4)
    tilt (1.1)
    unicorn (3.0.0)
      kgio (~> 2.0.0)
      rack
    xpath (0.1.2)
      nokogiri (~> 1.3)

PLATFORMS
  ruby

DEPENDENCIES
  RedCloth (~> 4.2.3)
  activemodel (~> 3.0.1)
  activesupport (~> 3.0.1)
  aruba (~> 0.2.3)
  blargh!
  capybara (~> 0.4.0)
  cucumber (~> 0.9.3)
  fuubar (~> 0.0.1)
  mustache (~> 0.11.2)
  rack (~> 1.2.1)
  rack-test (~> 0.5.6)
  rspec (~> 2.4.0)
  shoulda (~> 2.11.3)
  sinatra (~> 1.1.0)
  sinatra-mustache (~> 0.0.2)
  sparky (~> 0.0.1)
  stringex (~> 1.2.0)
  thor (~> 0.14.4)
  unicorn (~> 3.0.0)
